GEM
  remote: http://rubygems.org/
  specs:
    crack (0.1.8)
    highline (1.6.1)
    httparty (0.6.1)
      crack (= 0.1.8)
    mechanize (1.0.0)
      nokogiri (>= 1.2.1)
    nokogiri (1.4.4)

PLATFORMS
  ruby

DEPENDENCIES
  highline
  httparty
  mechanize
  nokogiri
